GEM
  remote: https://rubygems.org/
  specs:
    dotenv (2.7.6)
    fileutils (1.5.0)
    json (2.5.1)
    mustermann (1.1.1)
      ruby2_keywords (~> 0.0.1)
    mysql2 (0.5.3)
    pp (0.2.0)
      prettyprint
    prettyprint (0.1.0)
    rack (2.2.3)
    rack-protection (2.1.0)
      rack
    ruby2_keywords (0.0.5)
    sinatra (2.1.0)
      mustermann (~> 1.0)
      rack (~> 2.2)
      rack-protection (= 2.1.0)
      tilt (~> 2.0)
    tilt (2.0.10)

PLATFORMS
  x64-mingw32

DEPENDENCIES
  dotenv
  fileutils
  json
  mysql2
  pp
  sinatra

BUNDLED WITH
   2.2.23
